PATH
  remote: .
  specs:
    killshot (0.0.1)
      anemone
      colored
      nokogiri
      trollop

GEM
  remote: https://rubygems.org/
  specs:
    anemone (0.7.2)
      nokogiri (>= 1.3.0)
      robotex (>= 1.0.0)
    colored (1.2)
    nokogiri (1.5.9)
    rake (0.9.2)
    robotex (1.0.0)
    trollop (2.0)

PLATFORMS
  ruby

DEPENDENCIES
  bundler (~> 1.3)
  killshot!
  rake
